GEM
  remote: http://rubygems.org/
  specs:
    hologram (1.4.0)
      redcarpet (>= 2.2, < 4.0)
      rouge (>= 1.5)
    redcarpet (3.3.1)
    rouge (1.9.0)

PLATFORMS
  ruby

DEPENDENCIES
  hologram

BUNDLED WITH
   1.10.4
